GEM
  remote: https://rubygems.org/
  specs:
    coderay (1.1.1)
    grizzled-ruby (0.1.9)
      zip (~> 2.0, >= 2.0.2)
    method_source (0.8.2)
    mini_portile2 (2.1.0)
    nokogiri (1.7.2)
      mini_portile2 (~> 2.1.0)
    pry (0.10.4)
      coderay (~> 1.1.0)
      method_source (~> 0.8.1)
      slop (~> 3.4)
    rake (12.0.0)
    slop (3.6.0)
    zip (2.0.2)

PLATFORMS
  ruby

DEPENDENCIES
  grizzled-ruby
  nokogiri
  pry
  rake

BUNDLED WITH
   1.14.6
